GEM
  remote: http://rubygems.org/
  specs:
    archive-tar-minitar (0.5.2)
    childprocess (0.3.5)
      ffi (~> 1.0, >= 1.0.6)
    erubis (2.7.0)
    facter (1.6.13)
    ffi (1.1.5)
    hiera (1.1.0)
      json
    i18n (0.6.1)
    json (1.5.4)
    librarian-puppet (0.9.7)
      json
      puppet
      thor (~> 0.15)
    log4r (1.1.10)
    net-scp (1.0.4)
      net-ssh (>= 1.99.1)
    net-ssh (2.2.2)
    puppet (3.0.0)
      facter (>= 1.6.11)
      hiera (>= 1.0.0rc)
    puppet-lint (0.3.1)
    rake (0.9.2.2)
    thor (0.16.0)
    vagrant (1.0.5)
      archive-tar-minitar (= 0.5.2)
      childprocess (~> 0.3.1)
      erubis (~> 2.7.0)
      i18n (~> 0.6.0)
      json (~> 1.5.1)
      log4r (~> 1.1.9)
      net-scp (~> 1.0.4)
      net-ssh (~> 2.2.2)
    vagrant-hiera (0.4.0)

PLATFORMS
  ruby

DEPENDENCIES
  librarian-puppet
  puppet-lint
  rake
  vagrant (>= 1.0)
  vagrant-hiera
